PATH
  remote: .
  specs:
    openid_mongodb_store (0.2.2)

GEM
  remote: http://rubygems.org/
  specs:
    archive-tar-minitar (0.5.2)
    bson (1.1.2)
    columnize (0.3.2)
    linecache (0.43)
    linecache19 (0.5.11)
      ruby_core_source (>= 0.1.4)
    mongo (1.1.2)
      bson (>= 1.1.1)
    ruby-debug (0.10.4)
      columnize (>= 0.1)
      ruby-debug-base (~> 0.10.4.0)
    ruby-debug-base (0.10.4)
      linecache (>= 0.3)
    ruby-debug-base19 (0.11.24)
      columnize (>= 0.3.1)
      linecache19 (>= 0.5.11)
      ruby_core_source (>= 0.1.4)
    ruby-debug19 (0.11.6)
      columnize (>= 0.3.1)
      linecache19 (>= 0.5.11)
      ruby-debug-base19 (>= 0.11.19)
    ruby-openid (2.1.8)
    ruby_core_source (0.1.4)
      archive-tar-minitar (>= 0.5.2)
    yard (0.6.2)

PLATFORMS
  ruby

DEPENDENCIES
  mongo (>= 1.0.3)
  openid_mongodb_store!
  ruby-debug
  ruby-debug19
  ruby-openid (= 2.1.8)
  yard
